GIT
  remote: git://github.com/hmans/serve.git
  revision: e3e6dc26555d09add03fb46b42e036acb3239d31
  branch: respect_sass_load_paths
  specs:
    serve (1.5.1)
      activesupport (~> 3.0)
      i18n
      rack (~> 1.2)
      rack-test (~> 0.5)
      tilt (~> 1.3)
      tzinfo

PATH
  remote: .
  specs:
    schnitzelstyle (0.0.1)
      sass

GEM
  remote: https://rubygems.org/
  specs:
    activesupport (3.1.3)
      multi_json (~> 1.0)
    daemons (1.1.5)
    eventmachine (0.12.10)
    haml (3.1.4)
    i18n (0.6.0)
    multi_json (1.0.4)
    rack (1.4.0)
    rack-cache (1.1)
      rack (>= 0.4)
    rack-test (0.6.1)
      rack (>= 1.0)
    redcarpet (2.0.1)
    sass (3.1.12)
    thin (1.3.1)
      daemons (>= 1.0.9)
      eventmachine (>= 0.12.6)
      rack (>= 1.0.0)
    tilt (1.3.3)
    tzinfo (0.3.31)

PLATFORMS
  ruby

DEPENDENCIES
  haml
  rack-cache
  redcarpet
  schnitzelstyle!
  serve!
  thin
