PATH
  remote: .
  specs:
    schnitzelstyle (0.1.3.dev)
      sass

GEM
  remote: https://rubygems.org/
  specs:
    haml (3.1.4)
    rack (1.4.1)
    rack-cache (1.2)
      rack (>= 0.4)
    rack-protection (1.2.0)
      rack
    redcarpet (2.1.0)
    sass (3.1.15)
    sinatra (1.3.2)
      rack (~> 1.3, >= 1.3.6)
      rack-protection (~> 1.2)
      tilt (~> 1.3, >= 1.3.3)
    tilt (1.3.3)

PLATFORMS
  ruby

DEPENDENCIES
  haml
  rack-cache
  redcarpet
  schnitzelstyle!
  sinatra
